GEM
  remote: https://rubygems.org/
  specs:
    actionpack (6.0.3.2)
      actionview (= 6.0.3.2)
      activesupport (= 6.0.3.2)
      rack (~> 2.0, >= 2.0.8)
      rack-test (>= 0.6.3)
      rails-dom-testing (~> 2.0)
      rails-html-sanitizer (~> 1.0, >= 1.2.0)
    actionview (6.0.3.2)
      activesupport (= 6.0.3.2)
      builder (~> 3.1)
      erubi (~> 1.4)
      rails-dom-testing (~> 2.0)
      rails-html-sanitizer (~> 1.1, >= 1.2.0)
    activemodel (6.0.3.2)
      activesupport (= 6.0.3.2)
    activesupport (6.0.3.2)
      concurrent-ruby (~> 1.0, >= 1.0.2)
      i18n (>= 0.7, < 2)
      minitest (~> 5.1)
      tzinfo (~> 1.1)
      zeitwerk (~> 2.2, >= 2.2.2)
    async (2.10.2)
      console (~> 1.10)
      fiber-annotation
      io-event (~> 1.5, >= 1.5.1)
      timers (~> 4.1)
    async-container (0.18.0)
      async
      async-io
    async-http (0.64.2)
      async (>= 1.25)
      async-io (>= 1.28)
      async-pool (>= 0.2)
      protocol-http (~> 0.26.0)
      protocol-http1 (~> 0.19.0)
      protocol-http2 (~> 0.16.0)
      traces (>= 0.10.0)
    async-http-cache (0.4.3)
      async-http (~> 0.56)
    async-io (1.42.1)
      async
    async-pool (0.6.1)
      async (>= 1.25)
    async-service (0.12.0)
      async
      async-container (~> 0.16)
    builder (3.2.4)
    concurrent-ruby (1.1.6)
    console (1.24.0)
      fiber-annotation
      fiber-local
      json
    crass (1.0.6)
    double_or_nothing (1.0.0)
    erubi (1.9.0)
    falcon (0.45.2)
      async
      async-container (~> 0.18)
      async-http (~> 0.57)
      async-http-cache (~> 0.4.0)
      async-io (~> 1.22)
      async-service (~> 0.10)
      bundler
      localhost (~> 1.1)
      openssl (~> 3.0)
      process-metrics (~> 0.2.0)
      protocol-rack (~> 0.5)
      samovar (~> 2.3)
    fiber-annotation (0.2.0)
    fiber-local (1.0.0)
    i18n (1.8.3)
      concurrent-ruby (~> 1.0)
    io-event (1.5.1)
    json (2.7.2)
    localhost (1.3.1)
    loofah (2.6.0)
      crass (~> 1.0.2)
      nokogiri (>= 1.5.9)
    mapping (1.1.1)
    method_source (1.0.0)
    mini_portile2 (2.8.6)
    minitest (5.22.3)
    nokogiri (1.16.4)
      mini_portile2 (~> 2.8.2)
      racc (~> 1.4)
    openssl (3.2.0)
    process-metrics (0.2.1)
      console (~> 1.8)
      samovar (~> 2.1)
    protocol-hpack (1.4.3)
    protocol-http (0.26.4)
    protocol-http1 (0.19.1)
      protocol-http (~> 0.22)
    protocol-http2 (0.16.0)
      protocol-hpack (~> 1.4)
      protocol-http (~> 0.18)
    protocol-rack (0.5.0)
      protocol-http (~> 0.23)
      rack (>= 1.0)
    racc (1.7.3)
    rack (2.2.3)
    rack-test (1.1.0)
      rack (>= 1.0, < 3)
    rails-dom-testing (2.0.3)
      activesupport (>= 4.2.0)
      nokogiri (>= 1.6)
    rails-html-sanitizer (1.3.0)
      loofah (~> 2.3)
    rails_12factor (0.0.3)
      rails_serve_static_assets
      rails_stdout_logging
    rails_serve_static_assets (0.0.5)
    rails_stdout_logging (0.0.5)
    railties (6.0.3.2)
      actionpack (= 6.0.3.2)
      activesupport (= 6.0.3.2)
      method_source
      rake (>= 0.8.7)
      thor (>= 0.20.3, < 2.0)
    rake (13.0.1)
    samovar (2.3.0)
      console (~> 1.0)
      mapping (~> 1.0)
    thor (1.0.1)
    thread_safe (0.3.6)
    timers (4.3.5)
    traces (0.11.1)
    tzinfo (1.2.7)
      thread_safe (~> 0.1)
    zeitwerk (2.3.0)

PLATFORMS
  ruby

DEPENDENCIES
  actionpack (~> 6.0.3)
  activemodel (~> 6.0.3)
  double_or_nothing (~> 1.0)
  falcon
  rails_12factor
  railties (~> 6.0.3)

RUBY VERSION
   ruby 3.3.0p0

BUNDLED WITH
   2.5.9
